GEM
  remote: https://rubygems.org/
  specs:
    backports (3.4.0)
    bson (1.9.2)
    bson_ext (1.9.2)
      bson (~> 1.9.2)
    haml (4.0.5)
      tilt
    json (1.8.1)
    mongo (1.9.2)
      bson (~> 1.9.2)
    multi_json (1.8.4)
    rack (1.5.2)
    rack-protection (1.5.2)
      rack
    rack-test (0.6.2)
      rack (>= 1.0)
    sinatra (1.4.4)
      rack (~> 1.4)
      rack-protection (~> 1.4)
      tilt (~> 1.3, >= 1.3.4)
    sinatra-contrib (1.4.2)
      backports (>= 2.0)
      multi_json
      rack-protection
      rack-test
      sinatra (~> 1.4.0)
      tilt (~> 1.3)
    tilt (1.4.1)

PLATFORMS
  ruby

DEPENDENCIES
  bson_ext
  haml
  json
  mongo
  sinatra
  sinatra-contrib
